GEM
  remote: https://rubygems.org/
  specs:
    avro (1.10.0)
      multi_json (~> 1)
    multi_json (1.14.1)

PLATFORMS
  ruby

DEPENDENCIES
  avro (~> 1.10, >= 1.10.0)

BUNDLED WITH
   2.0.1
